GEM
  remote: http://rubygems.org/
  specs:
    crack (0.1.8)
    fakeweb (1.3.0)
    haml (3.0.25)
    httparty (0.6.1)
      crack (= 0.1.8)
    icalendar (1.1.5)
    json (1.4.6)
    rack (1.2.1)
    shotgun (0.8)
      rack (>= 1.0)
    sinatra (1.1.0)
      rack (~> 1.1)
      tilt (~> 1.1)
    tilt (1.1)

PLATFORMS
  ruby

DEPENDENCIES
  fakeweb
  haml
  httparty
  icalendar
  json
  shotgun
  sinatra
